GEM
  remote: http://rubygems.org/
  specs:
    mocha (0.9.12)
    rack (1.2.2)
    shoulda (2.11.3)

PLATFORMS
  ruby

DEPENDENCIES
  mocha
  rack
  shoulda
